GEM
  remote: http://rubygems.org/
  remote: http://gems.github.com/
  specs:
    jasmine (1.0.0)
      json_pure (>= 1.4.3)
      rack (>= 1.0.0)
      rake (>= 0.8.7)
      rspec (>= 1.1.5)
      selenium-client (>= 1.2.17)
      selenium-rc (>= 2.1.0)
    json_pure (1.4.6)
    lsof (0.3.0)
    mime-types (1.16)
    net-ssh (2.0.23)
    net-ssh-gateway (1.0.1)
      net-ssh (>= 1.99.1)
    rack (1.2.1)
    rake (0.8.7)
    rest-client (1.6.1)
      mime-types (>= 1.16)
    rspec (1.3.0)
    saucelabs-adapter (0.8.22)
      lsof (>= 0.3.0)
      net-ssh (>= 2.0.12)
      net-ssh-gateway (>= 1.0.1)
      rest-client (>= 1.5.0)
      selenium-client (>= 1.2.17)
    selenium-client (1.2.18)
    selenium-rc (2.2.4)
      selenium-client (>= 1.2.18)
    sprockets (1.0.2)

PLATFORMS
  ruby

DEPENDENCIES
  jasmine
  rake
  saucelabs-adapter
  sprockets
